GEM
  remote: https://rubygems.org/
  specs:
    POpen4 (0.1.4)
      Platform (>= 0.4.0)
      open4
    Platform (0.4.0)
    awesome_print (1.0.2)
    backports (3.3.0)
    bson (1.6.4)
    bson_ext (1.6.4)
      bson (~> 1.6.4)
    coffee-script (2.2.0)
      coffee-script-source
      execjs
    coffee-script-source (1.3.3)
    erubis (2.7.0)
    eventmachine (1.0.3)
    execjs (1.4.0)
      multi_json (~> 1.0)
    faraday (0.8.1)
      multipart-post (~> 1.1)
    hashie (1.2.0)
    hike (1.2.1)
    html_truncator (0.3.0)
      nokogiri (~> 1.4)
    httpauth (0.1)
    json (1.7.3)
    kgio (2.7.4)
    mongo (1.6.4)
      bson (~> 1.6.4)
    multi_json (1.3.6)
    multipart-post (1.1.5)
    newrelic_rpm (3.4.0)
    nokogiri (1.5.3)
    oauth2 (0.6.1)
      faraday (~> 0.7)
      httpauth (~> 0.1)
      multi_json (~> 1.3)
    omniauth (1.1.0)
      hashie (~> 1.2)
      rack
    omniauth-github (1.0.1)
      omniauth (~> 1.0)
      omniauth-oauth2 (~> 1.0)
    omniauth-oauth2 (1.0.2)
      oauth2 (~> 0.6.0)
      omniauth (~> 1.0)
    open4 (1.3.0)
    rack (1.4.1)
    rack-protection (1.2.0)
      rack
    rack-test (0.6.2)
      rack (>= 1.0)
    raindrops (0.8.0)
    rake (0.9.2.2)
    sinatra (1.3.2)
      rack (~> 1.3, >= 1.3.6)
      rack-protection (~> 1.2)
      tilt (~> 1.3, >= 1.3.3)
    sinatra-contrib (1.3.2)
      backports (>= 2.0)
      eventmachine
      rack-protection
      rack-test
      sinatra (~> 1.3.0)
      tilt (~> 1.3)
    sprockets (2.4.3)
      hike (~> 1.2)
      multi_json (~> 1.0)
      rack (~> 1.0)
      tilt (~> 1.1, != 1.3.0)
    stylus (0.6.2)
      execjs
      stylus-source
    stylus-source (0.27.1)
    tilt (1.3.3)
    unicorn (4.2.1)
      kgio (~> 2.6)
      rack
      raindrops (~> 0.7)
    yui-compressor (0.9.6)
      POpen4 (>= 0.1.4)

PLATFORMS
  ruby

DEPENDENCIES
  awesome_print
  bson_ext (~> 1.6.4)
  coffee-script
  erubis (~> 2.7.0)
  html_truncator
  json
  mongo (~> 1.6.4)
  newrelic_rpm
  omniauth-github
  rake
  sinatra (~> 1.3.2)
  sinatra-contrib
  sprockets (= 2.4.3)
  stylus (= 0.6.2)
  unicorn
  yui-compressor
